GEM
  remote: http://rubygems.org/
  specs:
    actionmailer (3.1.0.beta1)
      actionpack (= 3.1.0.beta1)
      mail (~> 2.3.0)
    actionpack (3.1.0.beta1)
      activemodel (= 3.1.0.beta1)
      activesupport (= 3.1.0.beta1)
      builder (~> 3.0.0)
      erubis (~> 2.7.0)
      i18n (~> 0.6.0beta1)
      rack (~> 1.3.0.beta)
      rack-cache (~> 1.0.1)
      rack-mount (~> 0.7.2)
      rack-test (~> 0.6.0)
      sprockets (~> 2.0.0.beta.2)
      tzinfo (~> 0.3.27)
    activemodel (3.1.0.beta1)
      activesupport (= 3.1.0.beta1)
      bcrypt-ruby (~> 2.1.4)
      builder (~> 3.0.0)
      i18n (~> 0.6.0beta1)
    activerecord (3.1.0.beta1)
      activemodel (= 3.1.0.beta1)
      activesupport (= 3.1.0.beta1)
      arel (~> 2.1.0)
      tzinfo (~> 0.3.27)
    activeresource (3.1.0.beta1)
      activemodel (= 3.1.0.beta1)
      activesupport (= 3.1.0.beta1)
    activesupport (3.1.0.beta1)
      multi_json (~> 1.0)
    addressable (2.2.4)
    ansi (1.2.5)
    arel (2.1.1)
    bcrypt-ruby (2.1.4)
    builder (3.0.0)
    coffee-script (2.2.0)
      coffee-script-source
      execjs
    coffee-script-source (1.1.0)
    configuration (1.2.0)
    erubis (2.7.0)
    execjs (0.4.0)
      multi_json (~> 1.0)
    faraday (0.6.1)
      addressable (~> 2.2.4)
      multipart-post (~> 1.1.0)
      rack (>= 1.1.0, < 2)
    heroku (2.1.4)
      launchy (>= 0.3.2)
      rest-client (~> 1.6.1)
      term-ansicolor (~> 1.0.5)
    hike (1.0.0)
    i18n (0.6.0beta1)
    jquery-rails (1.0.5)
      railties (~> 3.0)
      thor (~> 0.14)
    launchy (0.4.0)
      configuration (>= 0.0.5)
      rake (>= 0.8.1)
    mail (2.3.0)
      i18n (>= 0.4.0)
      mime-types (~> 1.16)
      treetop (~> 1.4.8)
    mime-types (1.16)
    multi_json (1.0.2)
    multi_xml (0.2.2)
    multipart-post (1.1.1)
    mysql2 (0.3.2)
    net-ldap (0.2.2)
    nokogiri (1.4.4)
    oa-basic (0.2.5)
      oa-core (= 0.2.5)
      rest-client (~> 1.6.0)
    oa-core (0.2.5)
    oa-enterprise (0.2.5)
      addressable (= 2.2.4)
      net-ldap (~> 0.2.2)
      nokogiri (~> 1.4.2)
      oa-core (= 0.2.5)
      pyu-ruby-sasl (~> 0.0.3.1)
      rubyntlm (~> 0.1.1)
    oa-more (0.2.5)
      multi_json (~> 1.0.0)
      oa-core (= 0.2.5)
      rest-client (~> 1.6.0)
    oa-oauth (0.2.5)
      faraday (~> 0.6.1)
      multi_json (~> 1.0.0)
      multi_xml (~> 0.2.2)
      oa-core (= 0.2.5)
      oauth (~> 0.4.0)
      oauth2 (~> 0.4.1)
    oa-openid (0.2.5)
      oa-core (= 0.2.5)
      rack-openid (~> 1.3.1)
      ruby-openid-apps-discovery (~> 1.2.0)
    oauth (0.4.4)
    oauth2 (0.4.1)
      faraday (~> 0.6.1)
      multi_json (>= 0.0.5)
    omniauth (0.2.5)
      oa-basic (= 0.2.5)
      oa-core (= 0.2.5)
      oa-enterprise (= 0.2.5)
      oa-more (= 0.2.5)
      oa-oauth (= 0.2.5)
      oa-openid (= 0.2.5)
    polyglot (0.3.1)
    pyu-ruby-sasl (0.0.3.2)
    rack (1.3.0.beta)
    rack-cache (1.0.2)
      rack (>= 0.4)
    rack-mount (0.7.4)
      rack (>= 1.0.0)
    rack-openid (1.3.1)
      rack (>= 1.1.0)
      ruby-openid (>= 2.1.8)
    rack-ssl (1.3.2)
      rack
    rack-test (0.6.0)
      rack (>= 1.0)
    rails (3.1.0.beta1)
      actionmailer (= 3.1.0.beta1)
      actionpack (= 3.1.0.beta1)
      activerecord (= 3.1.0.beta1)
      activeresource (= 3.1.0.beta1)
      activesupport (= 3.1.0.beta1)
      bundler (~> 1.0)
      railties (= 3.1.0.beta1)
    railties (3.1.0.beta1)
      actionpack (= 3.1.0.beta1)
      activesupport (= 3.1.0.beta1)
      rack-ssl (~> 1.3.2)
      rake (>= 0.8.7)
      thor (~> 0.14.6)
    rake (0.8.7)
    rest-client (1.6.1)
      mime-types (>= 1.16)
    ruby-openid (2.1.8)
    ruby-openid-apps-discovery (1.2.0)
      ruby-openid (>= 2.1.7)
    rubyntlm (0.1.1)
    sass (3.1.1)
    sprockets (2.0.0.beta.2)
      hike (~> 1.0)
      rack (~> 1.0)
      tilt (~> 1.0)
    term-ansicolor (1.0.5)
    therubyracer-heroku (0.8.1.pre3)
    thor (0.14.6)
    tilt (1.3)
    treetop (1.4.9)
      polyglot (>= 0.3.1)
    turn (0.8.2)
      ansi (>= 1.2.2)
    tzinfo (0.3.27)
    uglifier (0.5.3)
      execjs (>= 0.3.0)
      multi_json (>= 1.0.2)

PLATFORMS
  ruby

DEPENDENCIES
  coffee-script
  heroku (= 2.1.4)
  jquery-rails
  mysql2
  omniauth
  rails (= 3.1.0.beta1)
  sass
  sprockets (= 2.0.0.beta.2)
  therubyracer-heroku (= 0.8.1.pre3)
  turn
  uglifier
